GIT
  remote: git://github.com/rails/prototype_legacy_helper.git
  revision: a2cd95c3e3c1a4f7a9566efdab5ce59c886cb05f
  specs:
    prototype_legacy_helper (0.0.0)

GIT
  remote: git://github.com/stepheneb/haml.git
  revision: fa0e7db4a9dd47d1f841498d965400a4eadb9cb8
  branch: xml-mime-type-and-ie8-keycode-fix
  specs:
    haml (3.1.3)

GEM
  remote: http://rubygems.org/
  specs:
    Ascii85 (1.0.1)
    RedCloth (4.2.9)
    RedCloth (4.2.9-x86-mingw32)
    RedCloth (4.2.9-x86-unknown)
    aasm (2.2.1)
    abstract (1.0.0)
    actionmailer (3.0.11)
      actionpack (= 3.0.11)
      mail (~> 2.2.19)
    actionpack (3.0.11)
      activemodel (= 3.0.11)
      activesupport (= 3.0.11)
      builder (~> 2.1.2)
      erubis (~> 2.6.6)
      i18n (~> 0.5.0)
      rack (~> 1.2.1)
      rack-mount (~> 0.6.14)
      rack-test (~> 0.5.7)
      tzinfo (~> 0.3.23)
    activemodel (3.0.11)
      activesupport (= 3.0.11)
      builder (~> 2.1.2)
      i18n (~> 0.5.0)
    activerecord (3.0.11)
      activemodel (= 3.0.11)
      activesupport (= 3.0.11)
      arel (~> 2.0.10)
      tzinfo (~> 0.3.23)
    activerecord-import (0.2.8)
      activerecord (~> 3.0pre)
      activerecord (~> 3.0pre)
    activeresource (3.0.11)
      activemodel (= 3.0.11)
      activesupport (= 3.0.11)
    activesupport (3.0.11)
    acts-as-taggable-on (2.1.1)
      rails
    addressable (2.2.7)
    archive-tar-minitar (0.5.2)
    arel (2.0.10)
    arrayfields (4.7.4)
    awesome_print (1.0.1)
    aws-s3 (0.6.3)
      builder
      mime-types
      xml-simple
    builder (2.1.2)
    calendar_date_select (1.16.3)
    capistrano (2.9.0)
      highline
      net-scp (>= 1.0.0)
      net-sftp (>= 2.0.0)
      net-ssh (>= 2.0.14)
      net-ssh-gateway (>= 1.1.0)
    capistrano-ext (1.2.1)
      capistrano (>= 1.0.0)
    capybara (1.1.2)
      mime-types (>= 1.16)
      nokogiri (>= 1.3.3)
      rack (>= 1.0.0)
      rack-test (>= 0.5.4)
      selenium-webdriver (~> 2.0)
      xpath (~> 0.1.4)
    childprocess (0.3.2)
      ffi (~> 1.0.6)
    chronic (0.6.6)
    chunky_png (1.2.5)
    ci_reporter (1.6.9)
      builder (>= 2.1.2)
    cocaine (0.2.0)
    coderay (0.9.8)
    columnize (0.3.5)
    compass (0.11.5)
      chunky_png (~> 1.2)
      fssm (>= 0.2.7)
      sass (~> 3.1)
    cucumber (1.0.6)
      builder (>= 2.1.2)
      diff-lcs (>= 1.1.2)
      gherkin (~> 2.4.18)
      json (>= 1.4.6)
      term-ansicolor (>= 1.0.6)
    cucumber-rails (1.0.6)
      capybara (>= 1.1.1)
      cucumber (>= 1.0.6)
      nokogiri (>= 1.5.0)
    daemons (1.1.8)
    database_cleaner (0.6.7)
    default_value_for (1.0.7)
    delayed_job (3.0.1)
      activesupport (~> 3.0)
    delayed_job_active_record (0.3.2)
      activerecord (> 2.1.0)
      delayed_job (~> 3.0.0)
    delorean (1.1.1)
      chronic
    diff-lcs (1.1.3)
    dynamic_form (1.1.4)
    email_spec (1.2.1)
      mail (~> 2.2)
      rspec (~> 2.0)
    erubis (2.6.6)
      abstract (>= 1.0.0)
    exception_notification (2.5.2)
      actionmailer (>= 3.0.4)
    factory_girl (2.0.5)
    fakeweb (1.3.0)
    fattr (2.2.1)
    ffi (1.0.11)
    fssm (0.2.7)
    gherkin (2.4.21)
      json (>= 1.4.6)
    gherkin (2.4.21-x86-mingw32)
      json (>= 1.4.6)
    grit (2.4.1)
      diff-lcs (~> 1.1)
      mime-types (~> 1.15)
    highline (1.6.8)
    hirb (0.6.0)
    httpclient (2.2.3)
    i18n (0.5.0)
    interactive_editor (0.0.10)
      spoon (>= 0.0.1)
    jnlp (0.7.3)
      nokogiri (>= 1.4.4, <= 1.5)
    json (1.6.3)
    launchy (2.0.5)
      addressable (~> 2.2.7)
    libwebsocket (0.1.3)
      addressable
    linecache (0.46)
      rbx-require-relative (> 0.0.4)
    linecache19 (0.5.12)
      ruby_core_source (>= 0.1.4)
    mail (2.2.19)
      activesupport (>= 2.3.6)
      i18n (>= 0.4.0)
      mime-types (~> 1.16)
      treetop (~> 1.4.8)
    maruku (0.6.0)
      syntax (>= 1.0.0)
    method_source (0.6.7)
      ruby_parser (>= 2.3.1)
    mime-types (1.17.2)
    multi_json (1.3.4)
    mysql (2.8.1)
    mysql (2.8.1-x86-mingw32)
    net-scp (1.0.4)
      net-ssh (>= 1.99.1)
    net-sftp (2.0.5)
      net-ssh (>= 2.0.9)
    net-ssh (2.2.1)
    net-ssh-gateway (1.1.0)
      net-ssh (>= 1.99.1)
    nokogiri (1.5.0)
    nokogiri (1.5.0-x86-mingw32)
    open4 (1.3.0)
    paperclip (2.4.5)
      activerecord (>= 2.3.0)
      activesupport (>= 2.3.2)
      cocaine (>= 0.0.2)
      mime-types
    pdf-reader (0.10.1)
      Ascii85 (~> 1.0.0)
    polyglot (0.3.3)
    prawn (0.12.0)
      pdf-reader (>= 0.9.0)
      ttfunk (~> 1.0.2)
    prawn_rails (0.0.7)
      prawn (>= 0.11.1)
      rails (>= 3.0.0)
    pry (0.9.7.4)
      coderay (~> 0.9.8)
      method_source (~> 0.6.7)
      ruby_parser (>= 2.3.1)
      slop (~> 2.1.0)
    pry (0.9.7.4-x86-mingw32)
      coderay (~> 0.9.8)
      method_source (~> 0.6.7)
      ruby_parser (>= 2.3.1)
      slop (~> 2.1.0)
      win32console (~> 1.3.0)
    rack (1.2.4)
    rack-mount (0.6.14)
      rack (>= 1.0.0)
    rack-test (0.5.7)
      rack (>= 1.0)
    rails (3.0.11)
      actionmailer (= 3.0.11)
      actionpack (= 3.0.11)
      activerecord (= 3.0.11)
      activeresource (= 3.0.11)
      activesupport (= 3.0.11)
      bundler (~> 1.0)
      railties (= 3.0.11)
    railties (3.0.11)
      actionpack (= 3.0.11)
      activesupport (= 3.0.11)
      rake (>= 0.8.7)
      rdoc (~> 3.4)
      thor (~> 0.14.4)
    rake (0.9.2.2)
    rbx-require-relative (0.0.5)
    rdoc (3.9.4)
    remarkable (3.1.13)
      rspec (>= 1.2.0)
    remarkable_activerecord (3.1.13)
      remarkable (~> 3.1.13)
      rspec (>= 1.2.0)
    rspec (2.7.0)
      rspec-core (~> 2.7.0)
      rspec-expectations (~> 2.7.0)
      rspec-mocks (~> 2.7.0)
    rspec-core (2.7.1)
    rspec-expectations (2.7.0)
      diff-lcs (~> 1.1.2)
    rspec-mocks (2.7.0)
    rspec-rails (2.7.0)
      actionpack (~> 3.0)
      activesupport (~> 3.0)
      railties (~> 3.0)
      rspec (~> 2.7.0)
    ruby-debug (0.10.4)
      columnize (>= 0.1)
      ruby-debug-base (~> 0.10.4.0)
    ruby-debug-base (0.10.4)
      linecache (>= 0.3)
    ruby-debug-base19 (0.11.25)
      columnize (>= 0.3.1)
      linecache19 (>= 0.5.11)
      ruby_core_source (>= 0.1.4)
    ruby-debug19 (0.11.6)
      columnize (>= 0.3.1)
      linecache19 (>= 0.5.11)
      ruby-debug-base19 (>= 0.11.19)
    ruby-ole (1.2.11.2)
    ruby_core_source (0.1.5)
      archive-tar-minitar (>= 0.5.2)
    ruby_parser (2.3.1)
      sexp_processor (~> 3.0)
    rubyzip (0.9.8)
    rush (0.6.7)
      session
    sass (3.1.11)
    selenium-webdriver (2.21.2)
      childprocess (>= 0.2.5)
      ffi (~> 1.0)
      libwebsocket (~> 0.1.3)
      multi_json (~> 1.0)
      rubyzip
    session (3.1.0)
      fattr
    sexp_processor (3.0.8)
    slop (2.1.0)
    spoon (0.0.1)
    spork (0.9.0.rc9)
    spork (0.9.0.rc9-x86-mingw32)
      win32-process
    spreadsheet (0.6.5.9)
      ruby-ole (>= 1.0)
    syntax (1.0.0)
    term-ansicolor (1.0.7)
    themes_for_rails (0.4.2)
      rails (~> 3.0.0)
      themes_for_rails
    thor (0.14.6)
    treetop (1.4.10)
      polyglot
      polyglot (>= 0.3.1)
    ttfunk (1.0.3)
    tzinfo (0.3.31)
    uuidtools (2.1.2)
    what_methods (1.0.1)
    will_paginate (3.0.2)
    win32-api (1.4.8-x86-mingw32)
    win32-open3 (0.3.2-x86-mingw32)
    win32-process (0.6.5)
      windows-pr (>= 1.1.2)
    win32console (1.3.0-x86-mingw32)
    windows-api (0.4.1)
      win32-api (>= 1.4.5)
    windows-pr (1.2.1)
      win32-api (>= 1.4.5)
      windows-api (>= 0.3.0)
    wirble (0.1.3)
    xml-simple (1.1.1)
    xpath (0.1.4)
      nokogiri (~> 1.3)

PLATFORMS
  ruby
  x86-mingw32

DEPENDENCIES
  RedCloth (~> 4.2.8)
  aasm (~> 2.2.1)
  activerecord-import (~> 0.2.8)
  activerecord-jdbcmysql-adapter (~> 1.1.3)
  acts-as-taggable-on (~> 2.1.1)
  arrayfields
  awesome_print
  aws-s3
  calendar_date_select
  capistrano-ext
  capybara (~> 1.1.1)
  ci_reporter (~> 1.6.6)
  compass (~> 0.11.5)
  cucumber (~> 1.0.2)
  cucumber-rails (~> 1.0.2)
  daemons (~> 1.1.8)
  database_cleaner (~> 0.6.7)
  default_value_for (~> 1.0.5)
  delayed_job (~> 3.0.1)
  delayed_job_active_record (~> 0.3.2)
  delorean (~> 1.1)
  dynamic_form (~> 1.1.4)
  email_spec (~> 1.2.1)
  exception_notification (~> 2.5.2)
  factory_girl (~> 2.0.5)
  fakeweb (~> 1.3)
  ffi-ncurses (~> 0.3.3)
  grit (~> 2.4)
  haml!
  highline
  hirb
  httpclient (~> 2.2)
  interactive_editor
  jnlp (~> 0.7.3)
  jruby-openssl (~> 0.7.4)
  json (~> 1.6.3)
  launchy (~> 2.0.5)
  maruku (~> 0.6)
  mysql (~> 2.7)
  net-sftp (~> 2.0)
  nokogiri (~> 1.5.0)
  open4 (~> 1.0)
  paperclip (~> 2.4.0)
  prawn (~> 0.12.0)
  prawn_rails (~> 0.0.6)
  prototype_legacy_helper (= 0.0.0)!
  pry
  rails (~> 3.0.10)
  rake (~> 0.9.2)
  rdoc (~> 3.9.4)
  remarkable_activerecord (~> 3.1.13)
  rspec (~> 2.6)
  rspec-rails (~> 2.6)
  ruby-debug
  ruby-debug19
  ruby-ole (~> 1.2.11.2)
  rush (~> 0.6.7)
  sass (~> 3.1.7)
  selenium-webdriver (= 2.21.2)
  spork (~> 0.9.0.rc9)
  spreadsheet
  syntax (~> 1.0)
  themes_for_rails (~> 0.4.2)
  uuidtools (~> 2.1.2)
  what_methods
  will_paginate (~> 3.0.0)
  win32-open3
  wirble
