GIT
  remote: git://github.com/concord-consortium/calpicker
  revision: 741498eef4b3b4fef9bca179aa1474514f930759
  specs:
    calpicker (0.0.1)
      prototype-rails
      rails (~> 3.2.0)

GIT
  remote: git://github.com/concord-consortium/contentflow
  revision: 03b18e3c81abead40614f4a748878c63b6381eac
  branch: remove-addon-support
  specs:
    contentflow (0.0.3)
      railties (>= 3.0)
      sass (>= 3.2)

GIT
  remote: git://github.com/concord-consortium/haml.git
  revision: e428066e86e19f71bf9230e1fdc1a3ecf7c61447
  branch: xml-mime-type-and-ie8-keycode-fix
  specs:
    haml (3.1.4)

GIT
  remote: git://github.com/concord-consortium/in_place_editing.git
  revision: 2d6b856ca0a3d9eccb9c85bb48725537870ed32c
  specs:
    in_place_editing (1.2.0)

GIT
  remote: git://github.com/concord-consortium/rush
  revision: 10d9715697d7cc5ce069c32093289b809dea8bd3
  specs:
    rush (0.6.8)
      session

GIT
  remote: git://github.com/concord-consortium/themes_for_rails
  revision: eea2c31d181af30f787c5f493c74acdbe0bbf324
  branch: asset-pipeline-only
  specs:
    themes_for_rails (0.5.1)
      rails (>= 3.0.0)

GIT
  remote: git://github.com/willbryant/prototype_legacy_helper.git
  revision: fc4fbb8792e7bb511ca8327774bbf4f6a3ec7434
  specs:
    prototype_legacy_helper (0.0.0)

GEM
  remote: http://rubygems.org/
  specs:
    Ascii85 (1.0.1)
    POpen4 (0.1.4)
      Platform (>= 0.4.0)
      open4
    Platform (0.4.0)
    RedCloth (4.2.9)
    RedCloth (4.2.9-x86-mingw32)
    aasm (2.2.1)
    actionmailer (3.2.11)
      actionpack (= 3.2.11)
      mail (~> 2.4.4)
    actionpack (3.2.11)
      activemodel (= 3.2.11)
      activesupport (= 3.2.11)
      builder (~> 3.0.0)
      erubis (~> 2.7.0)
      journey (~> 1.0.4)
      rack (~> 1.4.0)
      rack-cache (~> 1.2)
      rack-test (~> 0.6.1)
      sprockets (~> 2.2.1)
    activemodel (3.2.11)
      activesupport (= 3.2.11)
      builder (~> 3.0.0)
    activerecord (3.2.11)
      activemodel (= 3.2.11)
      activesupport (= 3.2.11)
      arel (~> 3.0.2)
      tzinfo (~> 0.3.29)
    activerecord-import (0.2.9)
      activerecord (~> 3.0)
      activerecord (~> 3.0)
    activeresource (3.2.11)
      activemodel (= 3.2.11)
      activesupport (= 3.2.11)
    activesupport (3.2.11)
      i18n (~> 0.6)
      multi_json (~> 1.0)
    acts-as-taggable-on (2.1.1)
      rails
    acts_as_list (0.1.6)
    addressable (2.2.8)
    arel (3.0.2)
    arrayfields (4.7.4)
    awesome_print (1.0.2)
    aws-sdk (1.8.1.2)
      json (~> 1.4)
      nokogiri (>= 1.4.4)
      uuidtools (~> 2.1)
    bcrypt-ruby (3.0.1)
    bcrypt-ruby (3.0.1-x86-mingw32)
    builder (3.0.4)
    capistrano (2.14.1)
      highline
      net-scp (>= 1.0.0)
      net-sftp (>= 2.0.0)
      net-ssh (>= 2.0.14)
      net-ssh-gateway (>= 1.1.0)
    capybara (1.1.2)
      mime-types (>= 1.16)
      nokogiri (>= 1.3.3)
      rack (>= 1.0.0)
      rack-test (>= 0.5.4)
      selenium-webdriver (~> 2.0)
      xpath (~> 0.1.4)
    capybara-mechanize (0.3.0)
      capybara (~> 1.1)
      mechanize (~> 2.3)
    childprocess (0.3.9)
      ffi (~> 1.0, >= 1.0.11)
    chronic (0.6.7)
    chunky_png (1.2.6)
    ci_reporter (1.7.0)
      builder (>= 2.1.2)
    cocaine (0.4.2)
    coderay (1.0.7)
    coffee-rails (3.2.2)
      coffee-script (>= 2.2.0)
      railties (~> 3.2.0)
    coffee-script (2.2.0)
      coffee-script-source
      execjs
    coffee-script-source (1.4.0)
    columnize (0.3.6)
    compass (0.12.2)
      chunky_png (~> 1.2)
      fssm (>= 0.2.7)
      sass (~> 3.1)
    compass-rails (1.0.3)
      compass (>= 0.12.2, < 0.14)
    crack (0.3.2)
    cucumber (1.1.9)
      builder (>= 2.1.2)
      diff-lcs (>= 1.1.2)
      gherkin (~> 2.9.0)
      json (>= 1.4.6)
      term-ansicolor (>= 1.0.6)
    cucumber-rails (1.3.0)
      capybara (>= 1.1.2)
      cucumber (>= 1.1.8)
      nokogiri (>= 1.5.0)
    daemons (1.1.8)
    database_cleaner (0.7.2)
    debugger (1.1.4)
      columnize (>= 0.3.1)
      debugger-linecache (~> 1.1.1)
      debugger-ruby_core_source (~> 1.1.3)
    debugger-linecache (1.1.2)
      debugger-ruby_core_source (>= 1.1.1)
    debugger-ruby_core_source (1.1.3)
    default_value_for (2.0.1)
    delayed_job (3.0.3)
      activesupport (~> 3.0)
    delayed_job_active_record (0.3.2)
      activerecord (> 2.1.0)
      delayed_job (~> 3.0.0)
    delorean (1.2.0)
      chronic
    devise (2.1.3)
      bcrypt-ruby (~> 3.0)
      orm_adapter (~> 0.1)
      railties (~> 3.1)
      warden (~> 1.2.1)
    devise-encryptable (0.1.1)
      devise (>= 2.1.0.rc)
    diff-lcs (1.1.3)
    domain_name (0.5.11)
      unf (>= 0.0.5, < 1.0.0)
    dynamic_form (1.1.4)
    email_spec (1.2.1)
      mail (~> 2.2)
      rspec (~> 2.0)
    erubis (2.7.0)
    exception_notification (2.5.2)
      actionmailer (>= 3.0.4)
    execjs (1.4.0)
      multi_json (~> 1.0)
    factory_girl (2.0.5)
    fakeweb (1.3.0)
    fattr (2.2.1)
    ffi (1.4.0)
    ffi (1.4.0-x86-mingw32)
    fssm (0.2.9)
    gherkin (2.9.3)
      json (>= 1.4.6)
    gherkin (2.9.3-x86-mingw32)
      json (>= 1.4.6)
    grit (2.5.0)
      diff-lcs (~> 1.1)
      mime-types (~> 1.15)
      posix-spawn (~> 0.3.6)
    guard (1.4.0)
      listen (>= 0.4.2)
      thor (>= 0.14.6)
    guard-rspec (2.5.2)
      guard (>= 1.1)
      rspec (~> 2.11)
    guard-spork (1.5.0)
      childprocess (>= 0.2.3)
      guard (>= 1.1)
      spork (>= 0.8.4)
    hashie (2.0.3)
    highline (1.6.15)
    hike (1.2.1)
    hirb (0.6.2)
    httparty (0.8.3)
      multi_json (~> 1.0)
      multi_xml
    httpclient (2.2.5)
    i18n (0.6.1)
    interactive_editor (0.0.10)
      spoon (>= 0.0.1)
    jnlp (0.7.3)
      nokogiri (>= 1.4.4, <= 1.5)
    journey (1.0.4)
    json (1.6.7)
    launchy (2.0.5)
      addressable (~> 2.2.6)
    libv8 (3.3.10.4)
    linecache (0.46)
      rbx-require-relative (> 0.0.4)
    listen (0.7.3)
    mail (2.4.4)
      i18n (>= 0.4.0)
      mime-types (~> 1.16)
      treetop (~> 1.4.8)
    mechanize (2.6.0)
      domain_name (~> 0.5, >= 0.5.1)
      mime-types (~> 1.17, >= 1.17.2)
      net-http-digest_auth (~> 1.1, >= 1.1.1)
      net-http-persistent (~> 2.5, >= 2.5.2)
      nokogiri (~> 1.4)
      ntlm-http (~> 0.1, >= 0.1.1)
      webrobots (>= 0.0.9, < 0.2)
    method_source (0.7.1)
    mime-types (1.19)
    multi_json (1.6.1)
    multi_xml (0.5.1)
    mysql2 (0.3.11)
    mysql2 (0.3.11-x86-mingw32)
    net-http-digest_auth (1.3)
    net-http-persistent (2.8)
    net-scp (1.0.4)
      net-ssh (>= 1.99.1)
    net-sftp (2.0.5)
      net-ssh (>= 2.0.9)
    net-ssh (2.6.3)
    net-ssh-gateway (1.1.0)
      net-ssh (>= 1.99.1)
    newrelic_rpm (3.5.3.25)
    nokogiri (1.5.0)
    nokogiri (1.5.0-x86-mingw32)
    ntlm-http (0.1.1)
    omniauth (1.1.4)
      hashie (>= 1.2, < 3)
      rack
    open4 (1.3.0)
    orm_adapter (0.4.0)
    paperclip (3.4.0)
      activemodel (>= 3.0.0)
      activerecord (>= 3.0.0)
      activesupport (>= 3.0.0)
      cocaine (~> 0.4.0)
      mime-types
    pdf-reader (1.1.1)
      Ascii85 (~> 1.0.0)
      ruby-rc4
    polyglot (0.3.3)
    posix-spawn (0.3.6)
    prawn (0.12.0)
      pdf-reader (>= 0.9.0)
      ttfunk (~> 1.0.2)
    prawn_rails (0.0.8)
      prawn (>= 0.11.1)
      rails (>= 3.0.0)
    prototype-rails (3.2.1)
      rails (~> 3.2)
    pry (0.9.9.6)
      coderay (~> 1.0.5)
      method_source (~> 0.7.1)
      slop (>= 2.4.4, < 3)
    pry (0.9.9.6-x86-mingw32)
      coderay (~> 1.0.5)
      method_source (~> 0.7.1)
      slop (>= 2.4.4, < 3)
      win32console (~> 1.3)
    rack (1.4.4)
    rack-cache (1.2)
      rack (>= 0.4)
    rack-ssl (1.3.2)
      rack
    rack-test (0.6.2)
      rack (>= 1.0)
    rails (3.2.11)
      actionmailer (= 3.2.11)
      actionpack (= 3.2.11)
      activerecord (= 3.2.11)
      activeresource (= 3.2.11)
      activesupport (= 3.2.11)
      bundler (~> 1.0)
      railties (= 3.2.11)
    railties (3.2.11)
      actionpack (= 3.2.11)
      activesupport (= 3.2.11)
      rack-ssl (~> 1.3.2)
      rake (>= 0.8.7)
      rdoc (~> 3.4)
      thor (>= 0.14.6, < 2.0)
    rake (0.9.6)
    rb-fchange (0.0.6)
      ffi
    rb-fsevent (0.9.3)
    rb-inotify (0.9.0)
      ffi (>= 0.5.0)
    rbx-require-relative (0.0.9)
    rdoc (3.9.4)
    redcarpet (2.1.1)
    remarkable (3.1.13)
      rspec (>= 1.2.0)
    remarkable_activerecord (3.1.13)
      remarkable (~> 3.1.13)
      rspec (>= 1.2.0)
    rspec (2.11.0)
      rspec-core (~> 2.11.0)
      rspec-expectations (~> 2.11.0)
      rspec-mocks (~> 2.11.0)
    rspec-core (2.11.1)
    rspec-expectations (2.11.3)
      diff-lcs (~> 1.1.3)
    rspec-mocks (2.11.3)
    rspec-rails (2.11.0)
      actionpack (>= 3.0)
      activesupport (>= 3.0)
      railties (>= 3.0)
      rspec (~> 2.11.0)
    ruby-debug (0.10.4)
      columnize (>= 0.1)
      ruby-debug-base (~> 0.10.4.0)
    ruby-debug-base (0.10.4)
      linecache (>= 0.3)
    ruby-ole (1.2.11.4)
    ruby-prof (0.12.1)
    ruby-prof (0.12.1-x86-mingw32)
    ruby-rc4 (0.1.5)
    rubyzip (0.9.9)
    sass (3.2.1)
    sass-rails (3.2.5)
      railties (~> 3.2.0)
      sass (>= 3.1.10)
      tilt (~> 1.3)
    selenium-webdriver (2.31.0)
      childprocess (>= 0.2.5)
      multi_json (~> 1.0)
      rubyzip
      websocket (~> 1.0.4)
    session (3.1.0)
      fattr
    slop (2.4.4)
    spoon (0.0.1)
    spork (0.9.2)
    spreadsheet (0.7.3)
      ruby-ole (>= 1.0)
    sprockets (2.2.2)
      hike (~> 1.2)
      multi_json (~> 1.0)
      rack (~> 1.0)
      tilt (~> 1.1, != 1.3.0)
    syntax (1.0.0)
    term-ansicolor (1.0.7)
    therubyracer (0.10.2)
      libv8 (~> 3.3.10)
    thor (0.16.0)
    tilt (1.3.3)
    tinymce-rails (3.5.6)
      railties (>= 3.1.1)
    treetop (1.4.12)
      polyglot
      polyglot (>= 0.3.1)
    ttfunk (1.0.3)
    turbo-sprockets-rails3 (0.3.6)
      railties (> 3.2.8, < 4.0.0)
      sprockets (>= 2.0.0)
    tzinfo (0.3.35)
    uglifier (1.2.7)
      execjs (>= 0.3.0)
      multi_json (~> 1.3)
    unf (0.1.1)
      unf_ext
    unf_ext (0.0.6)
    unf_ext (0.0.6-x86-mingw32)
    uuidtools (2.1.2)
    warden (1.2.1)
      rack (>= 1.0)
    webmock (1.11.0)
      addressable (>= 2.2.7)
      crack (>= 0.3.2)
    webrobots (0.1.1)
    websocket (1.0.7)
    what_methods (1.0.1)
    will_paginate (3.0.3)
    win32-open3 (0.3.2-x86-mingw32)
    win32console (1.3.2-x86-mingw32)
    wirble (0.1.3)
    xpath (0.1.4)
      nokogiri (~> 1.3)
    yui-compressor (0.9.6)
      POpen4 (>= 0.1.4)

PLATFORMS
  ruby
  x86-mingw32

DEPENDENCIES
  RedCloth (~> 4.2.8)
  aasm (~> 2.2.1)
  activerecord-import (~> 0.2.8)
  activerecord-jdbcmysql-adapter (~> 1.1.3)
  acts-as-taggable-on (~> 2.1.1)
  acts_as_list (~> 0.1.6)
  arrayfields
  awesome_print
  aws-sdk (~> 1.8.1.2)
  calpicker!
  capistrano (~> 2.14.1)
  capybara (~> 1.1.2)
  capybara-mechanize (~> 0.3.0)
  ci_reporter (~> 1.7.0)
  coffee-rails
  compass-rails
  contentflow!
  cucumber (~> 1.1.9)
  cucumber-rails (~> 1.3.0)
  daemons (~> 1.1.8)
  database_cleaner (~> 0.7.2)
  debugger
  default_value_for (~> 2.0.1)
  delayed_job (~> 3.0.1)
  delayed_job_active_record (~> 0.3.2)
  delorean (~> 1.1)
  devise (~> 2.1.0)
  devise-encryptable
  dynamic_form (~> 1.1.4)
  email_spec (~> 1.2.1)
  exception_notification (~> 2.5.2)
  factory_girl (~> 2.0.5)
  fakeweb (~> 1.3)
  ffi-ncurses (~> 0.3.3)
  grit (~> 2.4)
  guard-rspec
  guard-spork
  haml!
  highline
  hirb
  httparty
  httpclient (~> 2.2)
  in_place_editing!
  interactive_editor
  jnlp (~> 0.7.3)
  jruby-openssl (~> 0.7.4)
  json (~> 1.6.3)
  launchy (~> 2.0.5)
  mysql2 (~> 0.3)
  net-sftp (~> 2.0)
  newrelic_rpm (~> 3.5.3.25)
  nokogiri (~> 1.5.0)
  omniauth
  open4 (~> 1.0)
  paperclip (~> 3.4.0)
  prawn (~> 0.12.0)
  prawn_rails (~> 0.0.6)
  prototype-rails
  prototype_legacy_helper (= 0.0.0)!
  pry
  rails (~> 3.2)
  rake (~> 0.9.2)
  rb-fchange
  rb-fsevent
  rb-inotify
  rdoc (~> 3.9.4)
  redcarpet (~> 2.1.1)
  remarkable_activerecord (~> 3.1.13)
  rspec (~> 2.11.0)
  rspec-rails (~> 2.11.0)
  ruby-debug
  ruby-ole (~> 1.2.11.2)
  ruby-prof
  rush!
  sass-rails
  selenium-webdriver (= 2.31.0)
  spork (~> 0.9.0.rc9)
  spreadsheet (~> 0.7.3)
  syntax (~> 1.0)
  themes_for_rails!
  therubyracer (~> 0.10.2)
  tinymce-rails (~> 3.5.6)
  turbo-sprockets-rails3 (~> 0.3.6)
  uglifier
  uuidtools (~> 2.1.2)
  webmock (~> 1.11.0)
  what_methods
  will_paginate (~> 3.0.0)
  win32-open3
  wirble
  yui-compressor
